GEM
  remote: http://rubygems.org/
  specs:
    activerecord (2.3.4)
      activesupport (= 2.3.4)
    activesupport (2.3.4)
    bson (1.0.4)
    jnunemaker-validatable (1.8.4)
      activesupport (>= 2.3.4)
    mocha (0.9.8)
      rake
    mongo (1.0.7)
      bson (>= 1.0.4)
    mongo_mapper (0.8.2)
      activesupport (>= 2.3.4)
      jnunemaker-validatable (~> 1.8.4)
      plucky (~> 0.3.1)
    plucky (0.3.2)
      mongo (~> 1.0.1)
    rake (0.8.7)
    rspec (1.3.0)
    sqlite3-ruby (1.2.5)

PLATFORMS
  ruby

DEPENDENCIES
  activerecord (= 2.3.4)
  mocha (= 0.9.8)
  mongo_mapper (= 0.8.2)
  rspec (= 1.3.0)
  sqlite3-ruby (= 1.2.5)
